GEM
  specs:
    net-protocol (0.1.0)
    net-smtp (0.2.1)
      net-protocol

PLATFORMS
  x86_64-linux

DEPENDENCIES
  net-smtp

BUNDLED WITH
   2.2.20
